GEM
  remote: https://rubygems.org/
  specs:
    CFPropertyList (2.3.6)
    awesome_print (1.8.0)
    builder (3.2.3)
    calabash-cucumber (0.21.4)
      awesome_print
      bundler (~> 1.3)
      clipboard (~> 1.0)
      cucumber (~> 2.0)
      edn (>= 1.0.6, < 2.0)
      geocoder (>= 1.1.8, < 2.0)
      httpclient (>= 2.7.1, < 3.0)
      json
      run_loop (>= 2.6.3, < 3.0)
      slowhandcuke (~> 0.0.3)
    clipboard (1.1.1)
    command_runner_ng (0.1.3)
    concurrent-ruby (1.0.5)
    cucumber (2.99.0)
      builder (>= 2.1.2)
      cucumber-core (~> 1.5.0)
      cucumber-wire (~> 0.0.1)
      diff-lcs (>= 1.1.3)
      gherkin (~> 4.0)
      multi_json (>= 1.7.5, < 2.0)
      multi_test (>= 0.1.2)
    cucumber-core (1.5.0)
      gherkin (~> 4.0)
    cucumber-wire (0.0.1)
    diff-lcs (1.3)
    edn (1.1.1)
    geocoder (1.4.6)
    gherkin (4.1.3)
    httpclient (2.8.3)
    i18n (0.9.5)
      concurrent-ruby (~> 1.0)
    json (1.8.6)
    multi_json (1.13.1)
    multi_test (0.1.2)
    run_loop (2.6.4)
      CFPropertyList (~> 2.2)
      awesome_print (~> 1.2)
      command_runner_ng (>= 0.0.2)
      httpclient (>= 2.7.1, < 3.0)
      i18n (>= 0.7.0, < 1.0)
      json (~> 1.8)
      thor (>= 0.18.1, < 1.0)
    slowhandcuke (0.0.3)
      cucumber
    thor (0.20.0)

PLATFORMS
  ruby

DEPENDENCIES
  calabash-cucumber (~> 0.21.4)

RUBY VERSION
   ruby 2.3.3p222

BUNDLED WITH
   1.16.1
